PATH
  remote: .
  specs:
    cdris_api_client (2.4.1dev0.1)
      api-auth (= 1.0.3)
      multipart-post (= 2.0.0)
      rest-client (= 1.6.7)

GEM
  remote: https://rubygems.org/
  specs:
    activesupport (3.0.0)
    api-auth (1.0.3)
    celluloid (0.16.0)
      timers (~> 4.0.0)
    coderay (1.1.0)
    diff-lcs (1.2.5)
    docile (1.1.5)
    fakeweb (1.3.0)
    ffi (1.9.6-java)
    formatador (0.2.5)
    guard (2.7.0)
      formatador (>= 0.2.4)
      listen (~> 2.7)
      lumberjack (~> 1.0)
      pry (>= 0.9.12)
      thor (>= 0.18.1)
    guard-rspec (2.5.0)
      guard (>= 1.1)
      rspec (~> 2.11)
    hitimes (1.2.2-java)
    i18n (0.6.4)
    listen (2.7.11)
      celluloid (>= 0.15.2)
      rb-fsevent (>= 0.9.3)
      rb-inotify (>= 0.9)
    lumberjack (1.0.9)
    method_source (0.8.2)
    mime-types (2.4.3)
    multi_json (1.8.4)
    multipart-post (2.0.0)
    pry (0.10.1-java)
      coderay (~> 1.1.0)
      method_source (~> 0.8.1)
      slop (~> 3.4)
      spoon (~> 0.0)
    rb-fsevent (0.9.4)
    rb-inotify (0.9.5)
      ffi (>= 0.5.0)
    rest-client (1.6.7)
      mime-types (>= 1.16)
    rspec (2.14.0)
      rspec-core (~> 2.14.0)
      rspec-expectations (~> 2.14.0)
      rspec-mocks (~> 2.14.0)
    rspec-core (2.14.8)
    rspec-expectations (2.14.5)
      diff-lcs (>= 1.1.3, < 2.0)
    rspec-mocks (2.14.6)
    simplecov (0.8.2)
      docile (~> 1.1.0)
      multi_json
      simplecov-html (~> 0.8.0)
    simplecov-html (0.8.0)
    slop (3.6.0)
    spoon (0.0.4)
      ffi
    thor (0.19.1)
    timers (4.0.1)
      hitimes
    tzinfo (0.3.29)
    yard (0.8.7)

PLATFORMS
  java

DEPENDENCIES
  activesupport (= 3.0)
  cdris_api_client!
  fakeweb (= 1.3)
  guard-rspec (= 2.5)
  i18n (= 0.6.4)
  multi_json (= 1.8.4)
  rspec (= 2.14)
  simplecov (= 0.8.2)
  tzinfo (= 0.3.29)
  yard (= 0.8.7)
